GEM
  remote: https://rubygems.org/
  specs:
    nomorebeer (1.0)
    rack (1.6.4)

PLATFORMS
  ruby

DEPENDENCIES
  nomorebeer
  rack

BUNDLED WITH
   1.10.5
